GEM
  remote: https://rubygems.org/
  specs:
    concurrent-ruby (1.2.2)
    dry-configurable (1.0.1)
      dry-core (~> 1.0, < 2)
      zeitwerk (~> 2.6)
    dry-core (1.0.0)
      concurrent-ruby (~> 1.0)
      zeitwerk (~> 2.6)
    erubi (1.12.0)
    ffi (1.15.5)
    listen (3.8.0)
      rb-fsevent (~> 0.10, >= 0.10.3)
      rb-inotify (~> 0.9, >= 0.9.10)
    nio4r (2.5.8)
    puma (6.2.1)
      nio4r (~> 2.0)
    rack (3.0.7)
    rake (13.0.6)
    rb-fsevent (0.11.2)
    rb-inotify (0.10.1)
      ffi (~> 1.0)
    roda (3.66.0)
      rack
    tilt (2.1.0)
    zeitwerk (2.6.7)

PLATFORMS
  arm64-darwin-22

DEPENDENCIES
  dry-configurable (~> 1.0)
  erubi (~> 1.12)
  listen (~> 3.8)
  puma (~> 6.2)
  rake (~> 13.0)
  roda (~> 3.66)
  tilt (~> 2.1)

BUNDLED WITH
   2.4.10
